GIT
  remote: https://github.com/windwiny/debugger.git
  revision: 9fdc84067ce7db41af900838279a6c18ef620fff
  specs:
    debugger (1.3.4)
      columnize (>= 0.3.1)
      debugger-linecache (~> 1.1.1)
      debugger-ruby_core_source (~> 1.2.0)

GEM
  remote: http://rubygems.org/
  specs:
    addressable (2.3.3)
    backports (3.0.3)
    capybara (2.0.2)
      mime-types (>= 1.16)
      nokogiri (>= 1.3.3)
      rack (>= 1.0.0)
      rack-test (>= 0.5.4)
      selenium-webdriver (~> 2.0)
      xpath (~> 1.0.0)
    childprocess (0.3.9)
      ffi (~> 1.0, >= 1.0.11)
    columnize (0.3.6)
    debugger-linecache (1.1.2)
      debugger-ruby_core_source (>= 1.1.1)
    debugger-ruby_core_source (1.2.0)
    diff-lcs (1.2.1)
    eventmachine (1.0.1)
    ffi (1.4.0)
    haml (4.0.0)
      tilt
    kgio (2.8.0)
    launchy (2.2.0)
      addressable (~> 2.3)
    mime-types (1.21)
    multi_json (1.6.1)
    nokogiri (1.5.6)
    rack (1.5.2)
    rack-protection (1.4.0)
      rack
    rack-test (0.6.2)
      rack (>= 1.0)
    raindrops (0.10.0)
    rake (10.0.3)
    rspec (2.13.0)
      rspec-core (~> 2.13.0)
      rspec-expectations (~> 2.13.0)
      rspec-mocks (~> 2.13.0)
    rspec-core (2.13.0)
    rspec-expectations (2.13.0)
      diff-lcs (>= 1.1.3, < 2.0)
    rspec-mocks (2.13.0)
    rubyzip (0.9.9)
    sass (3.2.6)
    selenium-webdriver (2.31.0)
      childprocess (>= 0.2.5)
      multi_json (~> 1.0)
      rubyzip
      websocket (~> 1.0.4)
    sinatra (1.3.5)
      rack (~> 1.4)
      rack-protection (~> 1.3)
      tilt (~> 1.3, >= 1.3.3)
    sinatra-contrib (1.3.2)
      backports (>= 2.0)
      eventmachine
      rack-protection
      rack-test
      sinatra (~> 1.3.0)
      tilt (~> 1.3)
    tilt (1.3.4)
    unicorn (4.6.2)
      kgio (~> 2.6)
      rack
      raindrops (~> 0.7)
    websocket (1.0.7)
    xpath (1.0.0)
      nokogiri (~> 1.3)

PLATFORMS
  ruby

DEPENDENCIES
  capybara
  debugger!
  haml
  launchy
  rack-test
  rake
  rspec
  sass
  sinatra
  sinatra-contrib
  unicorn
